GEM
  remote: https://rubygems.org/
  specs:
    activemodel (3.2.17)
      activesupport (= 3.2.17)
      builder (~> 3.0.0)
    activerecord (3.2.17)
      activemodel (= 3.2.17)
      activesupport (= 3.2.17)
      arel (~> 3.0.2)
      tzinfo (~> 0.3.29)
    activesupport (3.2.17)
      i18n (~> 0.6, >= 0.6.4)
      multi_json (~> 1.0)
    arel (3.0.3)
    builder (3.0.4)
    byebug (9.1.0)
    coderay (1.1.2)
    i18n (0.8.6)
    method_source (0.8.2)
    multi_json (1.12.2)
    mustermann (1.0.1)
    pry (0.10.4)
      coderay (~> 1.1.0)
      method_source (~> 0.8.1)
      slop (~> 3.4)
    pry-byebug (3.5.0)
      byebug (~> 9.1)
      pry (~> 0.10)
    rack (2.0.3)
    rack-protection (2.0.0)
      rack
    rake (12.1.0)
    sinatra (2.0.0)
      mustermann (~> 1.0)
      rack (~> 2.0)
      rack-protection (= 2.0.0)
      tilt (~> 2.0)
    sinatra-activerecord (2.0.13)
      activerecord (>= 3.2)
      sinatra (>= 1.0)
    slop (3.6.0)
    sqlite3 (1.3.13)
    tilt (2.0.8)
    tzinfo (0.3.53)

PLATFORMS
  ruby

DEPENDENCIES
  activerecord (= 3.2.17)
  pry
  pry-byebug
  rake
  sinatra
  sinatra-activerecord
  sqlite3

BUNDLED WITH
   1.15.4
